PATH
  remote: .
  specs:
    evntaly (1.0.0)
      json (~> 2.5)
      net-http (~> 0.1.0)

GEM
  remote: https://rubygems.org/
  specs:
    byebug (12.0.0)
    diff-lcs (1.6.1)
    json (2.10.2)
    net-http (0.1.1)
      net-protocol
      uri
    net-protocol (0.2.2)
      timeout
    rake (13.2.1)
    rspec (3.13.0)
      rspec-core (~> 3.13.0)
      rspec-expectations (~> 3.13.0)
      rspec-mocks (~> 3.13.0)
    rspec-core (3.13.3)
      rspec-support (~> 3.13.0)
    rspec-expectations (3.13.3)
      diff-lcs (>= 1.2.0, < 2.0)
      rspec-support (~> 3.13.0)
    rspec-mocks (3.13.2)
      diff-lcs (>= 1.2.0, < 2.0)
      rspec-support (~> 3.13.0)
    rspec-support (3.13.2)
    timeout (0.4.3)
    uri (1.0.3)

PLATFORMS
  arm64-darwin-24
  ruby

DEPENDENCIES
  byebug
  evntaly!
  rake (~> 13.0)
  rspec (~> 3.10)

BUNDLED WITH
   2.5.22
